GIT
  remote: https://github.com/resque/redis-namespace.git
  revision: f95dcb968b4b2ef41d604cbdc2e22a1f79ae23e6
  specs:
    redis-namespace (1.8.1)
      redis (>= 3.0.4)

GEM
  remote: https://rubygems.org/
  specs:
    actioncable (6.1.3.2)
      actionpack (= 6.1.3.2)
      activesupport (= 6.1.3.2)
      nio4r (~> 2.0)
      websocket-driver (>= 0.6.1)
    actionmailbox (6.1.3.2)
      actionpack (= 6.1.3.2)
      activejob (= 6.1.3.2)
      activerecord (= 6.1.3.2)
      activestorage (= 6.1.3.2)
      activesupport (= 6.1.3.2)
      mail (>= 2.7.1)
    actionmailer (6.1.3.2)
      actionpack (= 6.1.3.2)
      actionview (= 6.1.3.2)
      activejob (= 6.1.3.2)
      activesupport (= 6.1.3.2)
      mail (~> 2.5, >= 2.5.4)
      rails-dom-testing (~> 2.0)
    actionpack (6.1.3.2)
      actionview (= 6.1.3.2)
      activesupport (= 6.1.3.2)
      rack (~> 2.0, >= 2.0.9)
      rack-test (>= 0.6.3)
      rails-dom-testing (~> 2.0)
      rails-html-sanitizer (~> 1.0, >= 1.2.0)
    actiontext (6.1.3.2)
      actionpack (= 6.1.3.2)
      activerecord (= 6.1.3.2)
      activestorage (= 6.1.3.2)
      activesupport (= 6.1.3.2)
      nokogiri (>= 1.8.5)
    actionview (6.1.3.2)
      activesupport (= 6.1.3.2)
      builder (~> 3.1)
      erubi (~> 1.4)
      rails-dom-testing (~> 2.0)
      rails-html-sanitizer (~> 1.1, >= 1.2.0)
    activejob (6.1.3.2)
      activesupport (= 6.1.3.2)
      globalid (>= 0.3.6)
    activemodel (6.1.3.2)
      activesupport (= 6.1.3.2)
    activemodel-serializers-xml (1.0.2)
      activemodel (> 5.x)
      activesupport (> 5.x)
      builder (~> 3.1)
    activerecord (6.1.3.2)
      activemodel (= 6.1.3.2)
      activesupport (= 6.1.3.2)
    activestorage (6.1.3.2)
      actionpack (= 6.1.3.2)
      activejob (= 6.1.3.2)
      activerecord (= 6.1.3.2)
      activesupport (= 6.1.3.2)
      marcel (~> 1.0.0)
      mini_mime (~> 1.0.2)
    activesupport (6.1.3.2)
      concurrent-ruby (~> 1.0, >= 1.0.2)
      i18n (>= 1.6, < 2)
      minitest (>= 5.1)
      tzinfo (~> 2.0)
      zeitwerk (~> 2.3)
    addressable (2.7.0)
      public_suffix (>= 2.0.2, < 5.0)
    ast (2.4.2)
    aws-eventstream (1.1.1)
    aws-partitions (1.469.0)
    aws-sdk-cloudwatchlogs (1.41.0)
      aws-sdk-core (~> 3, >= 3.112.0)
      aws-sigv4 (~> 1.1)
    aws-sdk-core (3.114.3)
      aws-eventstream (~> 1, >= 1.0.2)
      aws-partitions (~> 1, >= 1.239.0)
      aws-sigv4 (~> 1.1)
      jmespath (~> 1.0)
    aws-sdk-kms (1.44.0)
      aws-sdk-core (~> 3, >= 3.112.0)
      aws-sigv4 (~> 1.1)
    aws-sdk-s3 (1.96.1)
      aws-sdk-core (~> 3, >= 3.112.0)
      aws-sdk-kms (~> 1)
      aws-sigv4 (~> 1.1)
    aws-sigv4 (1.2.3)
      aws-eventstream (~> 1, >= 1.0.2)
    bcrypt (3.1.16)
    bindex (0.8.1)
    bootsnap (1.7.5)
      msgpack (~> 1.0)
    builder (3.2.4)
    capybara (3.35.3)
      addressable
      mini_mime (>= 0.1.3)
      nokogiri (~> 1.8)
      rack (>= 1.6.0)
      rack-test (>= 0.6.3)
      regexp_parser (>= 1.5, < 3.0)
      xpath (~> 3.2)
    childprocess (3.0.0)
    coderay (1.1.3)
    concurrent-ruby (1.1.9)
    connection_pool (2.2.5)
    crass (1.0.6)
    css_parser (1.9.0)
      addressable
    devise (4.8.0)
      bcrypt (~> 3.0)
      orm_adapter (~> 0.1)
      railties (>= 4.1.0)
      responders
      warden (~> 1.2.3)
    diff-lcs (1.4.4)
    docile (1.4.0)
    doorkeeper (5.5.2)
      railties (>= 5)
    dotenv (2.7.6)
    dotenv-rails (2.7.6)
      dotenv (= 2.7.6)
      railties (>= 3.2)
    erubi (1.10.0)
    et-orbi (1.2.4)
      tzinfo
    factory_bot (6.2.0)
      activesupport (>= 5.0.0)
    factory_bot_rails (6.2.0)
      factory_bot (~> 6.2.0)
      railties (>= 5.0.0)
    faker (2.18.0)
      i18n (>= 1.6, < 2)
    ffi (1.15.3)
    fugit (1.5.0)
      et-orbi (~> 1.1, >= 1.1.8)
      raabro (~> 1.4)
    globalid (0.4.2)
      activesupport (>= 4.2.0)
    haml (5.2.1)
      temple (>= 0.8.0)
      tilt
    htmlentities (4.3.4)
    i18n (1.8.10)
      concurrent-ruby (~> 1.0)
    iniparse (1.5.0)
    jbuilder (2.11.2)
      activesupport (>= 5.0.0)
    jmespath (1.4.0)
    jquery-rails (4.4.0)
      rails-dom-testing (>= 1, < 3)
      railties (>= 4.2.0)
      thor (>= 0.14, < 2.0)
    jquery-ui-rails (6.0.1)
      railties (>= 3.2.16)
    kaminari (1.2.1)
      activesupport (>= 4.1.0)
      kaminari-actionview (= 1.2.1)
      kaminari-activerecord (= 1.2.1)
      kaminari-core (= 1.2.1)
    kaminari-actionview (1.2.1)
      actionview
      kaminari-core (= 1.2.1)
    kaminari-activerecord (1.2.1)
      activerecord
      kaminari-core (= 1.2.1)
    kaminari-core (1.2.1)
    listen (3.5.1)
      rb-fsevent (~> 0.10, >= 0.10.3)
      rb-inotify (~> 0.9, >= 0.9.10)
    lograge (0.11.2)
      actionpack (>= 4)
      activesupport (>= 4)
      railties (>= 4)
      request_store (~> 1.0)
    loofah (2.10.0)
      crass (~> 1.0.2)
      nokogiri (>= 1.5.9)
    mail (2.7.1)
      mini_mime (>= 0.1.1)
    marcel (1.0.1)
    method_source (1.0.0)
    mini_mime (1.0.3)
    minitest (5.14.4)
    msgpack (1.4.2)
    nested_form (0.3.2)
    nio4r (2.5.7)
    nokogiri (1.11.7-x86_64-darwin)
      racc (~> 1.4)
    nokogiri (1.11.7-x86_64-linux)
      racc (~> 1.4)
    orm_adapter (0.5.0)
    overcommit (0.58.0)
      childprocess (>= 0.6.3, < 5)
      iniparse (~> 1.4)
      rexml (~> 3.2)
    parallel (1.20.1)
    parser (3.0.1.1)
      ast (~> 2.4.1)
    pg (1.2.3)
    premailer (1.15.0)
      addressable
      css_parser (>= 1.6.0)
      htmlentities (>= 4.0.0)
    premailer-rails (1.11.1)
      actionmailer (>= 3)
      premailer (~> 1.7, >= 1.7.9)
    pry (0.14.1)
      coderay (~> 1.1)
      method_source (~> 1.0)
    pry-rails (0.3.9)
      pry (>= 0.10.4)
    public_suffix (4.0.6)
    puma (5.3.2)
      nio4r (~> 2.0)
    pundit (2.1.0)
      activesupport (>= 3.0.0)
    raabro (1.4.0)
    racc (1.5.2)
    rack (2.2.3)
    rack-cors (1.1.1)
      rack (>= 2.0.0)
    rack-mini-profiler (2.3.2)
      rack (>= 1.2.0)
    rack-pjax (1.1.0)
      nokogiri (~> 1.5)
      rack (>= 1.1)
    rack-proxy (0.7.0)
      rack
    rack-test (1.1.0)
      rack (>= 1.0, < 3)
    rails (6.1.3.2)
      actioncable (= 6.1.3.2)
      actionmailbox (= 6.1.3.2)
      actionmailer (= 6.1.3.2)
      actionpack (= 6.1.3.2)
      actiontext (= 6.1.3.2)
      actionview (= 6.1.3.2)
      activejob (= 6.1.3.2)
      activemodel (= 6.1.3.2)
      activerecord (= 6.1.3.2)
      activestorage (= 6.1.3.2)
      activesupport (= 6.1.3.2)
      bundler (>= 1.15.0)
      railties (= 6.1.3.2)
      sprockets-rails (>= 2.0.0)
    rails-controller-testing (1.0.5)
      actionpack (>= 5.0.1.rc1)
      actionview (>= 5.0.1.rc1)
      activesupport (>= 5.0.1.rc1)
    rails-dom-testing (2.0.3)
      activesupport (>= 4.2.0)
      nokogiri (>= 1.6)
    rails-html-sanitizer (1.3.0)
      loofah (~> 2.3)
    rails_admin (2.1.1)
      activemodel-serializers-xml (>= 1.0)
      builder (~> 3.1)
      haml (>= 4.0, < 6)
      jquery-rails (>= 3.0, < 5)
      jquery-ui-rails (>= 5.0, < 7)
      kaminari (>= 0.14, < 2.0)
      nested_form (~> 0.3)
      rack-pjax (>= 0.7)
      rails (>= 5.0, < 7)
      remotipart (~> 1.3)
      sassc-rails (>= 1.3, < 3)
    railties (6.1.3.2)
      actionpack (= 6.1.3.2)
      activesupport (= 6.1.3.2)
      method_source
      rake (>= 0.8.7)
      thor (~> 1.0)
    rainbow (3.0.0)
    rake (13.0.3)
    rb-fsevent (0.11.0)
    rb-inotify (0.10.1)
      ffi (~> 1.0)
    redis (4.3.1)
    regexp_parser (2.1.1)
    remotipart (1.4.4)
    request_store (1.5.0)
      rack (>= 1.4)
    responders (3.0.1)
      actionpack (>= 5.0)
      railties (>= 5.0)
    rexml (3.2.5)
    rspec-core (3.10.1)
      rspec-support (~> 3.10.0)
    rspec-expectations (3.10.1)
      diff-lcs (>= 1.2.0, < 2.0)
      rspec-support (~> 3.10.0)
    rspec-mocks (3.10.2)
      diff-lcs (>= 1.2.0, < 2.0)
      rspec-support (~> 3.10.0)
    rspec-rails (5.0.1)
      actionpack (>= 5.2)
      activesupport (>= 5.2)
      railties (>= 5.2)
      rspec-core (~> 3.10)
      rspec-expectations (~> 3.10)
      rspec-mocks (~> 3.10)
      rspec-support (~> 3.10)
    rspec-support (3.10.2)
    rspec_junit_formatter (0.4.1)
      rspec-core (>= 2, < 4, != 2.12.0)
    rubocop (1.17.0)
      parallel (~> 1.10)
      parser (>= 3.0.0.0)
      rainbow (>= 2.2.2, < 4.0)
      regexp_parser (>= 1.8, < 3.0)
      rexml
      rubocop-ast (>= 1.7.0, < 2.0)
      ruby-progressbar (~> 1.7)
      unicode-display_width (>= 1.4.0, < 3.0)
    rubocop-ast (1.7.0)
      parser (>= 3.0.1.1)
    rubocop-rails (2.10.1)
      activesupport (>= 4.2.0)
      rack (>= 1.1)
      rubocop (>= 1.7.0, < 2.0)
    rubocop-rspec (2.4.0)
      rubocop (~> 1.0)
      rubocop-ast (>= 1.1.0)
    ruby-progressbar (1.11.0)
    rubyzip (2.3.0)
    sass-rails (6.0.0)
      sassc-rails (~> 2.1, >= 2.1.1)
    sassc (2.4.0)
      ffi (~> 1.9)
    sassc-rails (2.1.2)
      railties (>= 4.0.0)
      sassc (>= 2.0)
      sprockets (> 3.0)
      sprockets-rails
      tilt
    selenium-webdriver (3.142.7)
      childprocess (>= 0.5, < 4.0)
      rubyzip (>= 1.2.2)
    semantic_range (3.0.0)
    sidekiq (6.2.1)
      connection_pool (>= 2.2.2)
      rack (~> 2.0)
      redis (>= 4.2.0)
    sidekiq-cron (1.2.0)
      fugit (~> 1.1)
      sidekiq (>= 4.2.1)
    sidekiq_alive (2.0.6)
      sidekiq
    simplecov (0.21.2)
      docile (~> 1.1)
      simplecov-html (~> 0.11)
      simplecov_json_formatter (~> 0.1)
    simplecov-html (0.12.3)
    simplecov_json_formatter (0.1.3)
    spring (2.1.1)
    sprockets (4.0.2)
      concurrent-ruby (~> 1.0)
      rack (> 1, < 3)
    sprockets-rails (3.2.2)
      actionpack (>= 4.0)
      activesupport (>= 4.0)
      sprockets (>= 3.0.0)
    temple (0.8.2)
    thor (1.1.0)
    tilt (2.0.10)
    turbolinks (5.2.1)
      turbolinks-source (~> 5.2)
    turbolinks-source (5.2.0)
    tzinfo (2.0.4)
      concurrent-ruby (~> 1.0)
    unicode-display_width (2.0.0)
    warden (1.2.9)
      rack (>= 2.0.9)
    web-console (4.1.0)
      actionview (>= 6.0.0)
      activemodel (>= 6.0.0)
      bindex (>= 0.4.0)
      railties (>= 6.0.0)
    webdrivers (4.6.0)
      nokogiri (~> 1.6)
      rubyzip (>= 1.3.0)
      selenium-webdriver (>= 3.0, < 4.0)
    webpacker (5.4.0)
      activesupport (>= 5.2)
      rack-proxy (>= 0.6.1)
      railties (>= 5.2)
      semantic_range (>= 2.3.0)
    webrick (1.7.0)
    websocket-driver (0.7.5)
      websocket-extensions (>= 0.1.0)
    websocket-extensions (0.1.5)
    with_advisory_lock (4.6.0)
      activerecord (>= 4.2)
    xpath (3.2.0)
      nokogiri (~> 1.8)
    zeitwerk (2.4.2)

PLATFORMS
  x86_64-darwin-19
  x86_64-darwin-20
  x86_64-linux

DEPENDENCIES
  aws-sdk-cloudwatchlogs
  aws-sdk-s3
  bootsnap (>= 1.4.4)
  capybara (>= 3.26)
  devise
  doorkeeper
  dotenv-rails
  factory_bot_rails
  faker
  jbuilder (~> 2.7)
  listen (>= 3.0.5, < 4.0)
  lograge
  overcommit
  pg (~> 1.1)
  premailer-rails
  pry-rails
  puma (~> 5.0)
  pundit
  rack-cors
  rack-mini-profiler (~> 2.0)
  rails (~> 6.1.0)
  rails-controller-testing
  rails_admin (~> 2.0)
  redis
  redis-namespace (~> 1.8.0)!
  rexml
  rspec-rails
  rspec_junit_formatter
  rubocop
  rubocop-rails
  rubocop-rspec
  sass-rails (>= 6)
  selenium-webdriver
  sidekiq
  sidekiq-cron
  sidekiq_alive
  simplecov
  spring
  turbolinks (~> 5)
  web-console (>= 4.1.0)
  webdrivers
  webpacker (~> 5.0)
  webrick
  with_advisory_lock

RUBY VERSION
   ruby 3.0.2p107

BUNDLED WITH
   2.2.22
